GEM
  remote: https://rubygems.org/
  specs:
    cairo (1.12.3)
      pkg-config
    pkg-config (1.1.4)
    ruby_apk (0.5.0)
      rubyzip
    rubyzip (0.9.9)
    russdeep (1.1.0)

PLATFORMS
  ruby

DEPENDENCIES
  cairo
  ruby_apk
  russdeep
